GEM
  remote: http://rubygems.org/
  specs:
    activesupport (3.2.8)
      i18n (~> 0.6)
      multi_json (~> 1.0)
    git (1.2.5)
    haml (3.1.6)
    i18n (0.6.1)
    jeweler (1.8.4)
      bundler (~> 1.0)
      git (>= 1.2.5)
      rake
      rdoc
    json (1.7.5)
    minitest (3.1.0)
    multi_json (1.3.6)
    nokogiri (1.5.6)
    rake (0.9.2.2)
    rcov (1.0.0)
    rdoc (3.12)
      json (~> 1.4)
    redcarpet (2.2.2)
    shoulda (3.1.1)
      shoulda-context (~> 1.0)
      shoulda-matchers (~> 1.2)
    shoulda-context (1.0.0)
    shoulda-matchers (1.3.0)
      activesupport (>= 3.0.0)
    yard (0.8.3)

PLATFORMS
  ruby

DEPENDENCIES
  bundler (~> 1.2.0)
  haml (~> 3.1.6)
  jeweler (~> 1.8.4)
  minitest
  nokogiri
  rake (~> 0.9.2)
  rcov
  rdoc (~> 3.12)
  redcarpet (~> 2.2.2)
  shoulda
  yard (~> 0.8.3)
