PATH
  remote: ../
  specs:
    gmail-britta (0.1.6)
      haml (~> 3.1.6)

GEM
  remote: https://rubygems.org/
  specs:
    haml (3.1.8)

PLATFORMS
  ruby

DEPENDENCIES
  gmail-britta!
