PATH
  remote: ..
  specs:
    gmail-britta (0.1.7)
      haml (~> 5.1.2)

GEM
  remote: https://rubygems.org/
  specs:
    haml (5.1.2)
      temple (>= 0.8.0)
      tilt
    temple (0.8.2)
    tilt (2.0.10)

PLATFORMS
  ruby

DEPENDENCIES
  gmail-britta!
